PATH
  remote: .
  specs:
    swiss_qr_bill (0.1.0)
      qr_code_scanner (~> 0.1)

GEM
  remote: https://rubygems.org/
  specs:
    ast (2.4.2)
    json (2.9.1)
    language_server-protocol (3.17.0.4)
    minitest (5.25.4)
    nodo (1.7.1)
    parallel (1.26.3)
    parser (3.3.7.0)
      ast (~> 2.4.1)
      racc
    qr_code_scanner (0.1.0)
      nodo
    racc (1.8.1)
    rainbow (3.1.1)
    rake (13.2.1)
    regexp_parser (2.10.0)
    rubocop (1.71.1)
      json (~> 2.3)
      language_server-protocol (>= 3.17.0)
      parallel (~> 1.10)
      parser (>= 3.3.0.2)
      rainbow (>= 2.2.2, < 4.0)
      regexp_parser (>= 2.9.3, < 3.0)
      rubocop-ast (>= 1.38.0, < 2.0)
      ruby-progressbar (~> 1.7)
      unicode-display_width (>= 2.4.0, < 4.0)
    rubocop-ast (1.38.0)
      parser (>= 3.3.1.0)
    ruby-progressbar (1.13.0)
    unicode-display_width (3.1.4)
      unicode-emoji (~> 4.0, >= 4.0.4)
    unicode-emoji (4.0.4)

PLATFORMS
  ruby
  x86_64-darwin-23

DEPENDENCIES
  minitest (~> 5.16)
  rake (~> 13.0)
  rubocop (~> 1.71)
  swiss_qr_bill!

BUNDLED WITH
   2.5.10
